PATH
  remote: .
  specs:
    press_any_key (1.0.0)
      io-console (~> 0.4.2)

GEM
  remote: https://rubygems.org/
  specs:
    diff-lcs (1.2.5)
    io-console (0.4.2)
    rake (10.3.2)
    rspec (3.1.0)
      rspec-core (~> 3.1.0)
      rspec-expectations (~> 3.1.0)
      rspec-mocks (~> 3.1.0)
    rspec-core (3.1.7)
      rspec-support (~> 3.1.0)
    rspec-expectations (3.1.2)
      diff-lcs (>= 1.2.0, < 2.0)
      rspec-support (~> 3.1.0)
    rspec-mocks (3.1.3)
      rspec-support (~> 3.1.0)
    rspec-support (3.1.2)

PLATFORMS
  ruby

DEPENDENCIES
  press_any_key!
  rake (~> 10.3.2)
  rspec (~> 3.0)
